GEM
  remote: http://rubygems.org/
  specs:
    addressable (2.3.5)
    faraday (0.8.8)
      multipart-post (~> 1.2.0)
    koala (1.7.0rc1)
      addressable
      faraday
      multi_json
    multi_json (1.7.9)
    multipart-post (1.2.0)

PLATFORMS
  ruby

DEPENDENCIES
  koala (~> 1.7.0rc1)
